GEM
  remote: https://rubygems.org/
  specs:
    ai4r (1.13)
    pqueue (2.0.2)
    shortest_path (0.0.3)
      pqueue

PLATFORMS
  ruby

DEPENDENCIES
  ai4r (~> 1.13)
  shortest_path (~> 0.0.3)
